PATH
  remote: .
  specs:
    yaml_notifier (0.0.1)
      yaml_record4 (= 0.0.6)

GEM
  remote: https://rubygems.org/
  specs:
    activemodel (4.1.5)
      activesupport (= 4.1.5)
      builder (~> 3.1)
    activesupport (4.1.5)
      i18n (~> 0.6, >= 0.6.9)
      json (~> 1.7, >= 1.7.7)
      minitest (~> 5.1)
      thread_safe (~> 0.1)
      tzinfo (~> 1.1)
    builder (3.2.2)
    i18n (0.6.11)
    json (1.8.1)
    minitest (5.4.1)
    thread_safe (0.3.4)
    tzinfo (1.2.2)
      thread_safe (~> 0.1)
    yaml_record4 (0.0.6)
      activemodel (>= 4.0)
      activesupport (>= 4.0)

PLATFORMS
  ruby

DEPENDENCIES
  yaml_notifier!
